GEM
  remote: https://rubygems.org/
  specs:
    ast (2.4.2)
    json (2.9.1)
    language_server-protocol (3.17.0.3)
    logger (1.6.4)
    parallel (1.26.3)
    parser (3.3.6.0)
      ast (~> 2.4.1)
      racc
    prism (1.3.0)
    racc (1.8.1)
    rainbow (3.1.1)
    rbs (3.8.1)
      logger
    regexp_parser (2.10.0)
    rubocop (1.69.2)
      json (~> 2.3)
      language_server-protocol (>= 3.17.0)
      parallel (~> 1.10)
      parser (>= 3.3.0.2)
      rainbow (>= 2.2.2, < 4.0)
      regexp_parser (>= 2.9.3, < 3.0)
      rubocop-ast (>= 1.36.2, < 2.0)
      ruby-progressbar (~> 1.7)
      unicode-display_width (>= 2.4.0, < 4.0)
    rubocop-ast (1.37.0)
      parser (>= 3.3.1.0)
    rubocop-packaging (0.5.2)
      rubocop (>= 1.33, < 2.0)
    rubocop-performance (1.23.1)
      rubocop (>= 1.48.1, < 2.0)
      rubocop-ast (>= 1.31.1, < 2.0)
    rubocop-rspec (3.3.0)
      rubocop (~> 1.61)
    rubocop-shopify (2.15.1)
      rubocop (~> 1.51)
    rubocop-thread_safety (0.6.0)
      rubocop (>= 1.48.1)
    ruby-lsp (0.22.1)
      language_server-protocol (~> 3.17.0)
      prism (>= 1.2, < 2.0)
      rbs (>= 3, < 4)
      sorbet-runtime (>= 0.5.10782)
    ruby-lsp-rails (0.3.27)
      ruby-lsp (>= 0.22.0, < 0.23.0)
    ruby-lsp-rspec (0.1.19)
      ruby-lsp (~> 0.22.0)
    ruby-progressbar (1.13.0)
    sorbet-runtime (0.5.11725)
    unicode-display_width (3.1.3)
      unicode-emoji (~> 4.0, >= 4.0.4)
    unicode-emoji (4.0.4)

PLATFORMS
  ruby
  x86_64-darwin-23

DEPENDENCIES
  rubocop
  rubocop-packaging
  rubocop-performance
  rubocop-rspec
  rubocop-shopify
  rubocop-thread_safety
  ruby-lsp
  ruby-lsp-rails
  ruby-lsp-rspec

BUNDLED WITH
   2.5.3
